GEM
  remote: http://rubygems.org/
  specs:
    multipart_body (0.2.1)

PLATFORMS
  ruby

DEPENDENCIES
  multipart_body
